GIT
  remote: https://github.com/Emberwalker/battlenet.git
  revision: b0b429e18b75fbf8b1c3763d342fe95453d580d3
  specs:
    battlenet (1.4.0)
      httparty

GEM
  remote: https://rubygems.org/
  specs:
    ast (2.3.0)
    chronic (0.10.2)
    discordrb (3.2.1)
      discordrb-webhooks (~> 3.2.0.1)
      opus-ruby
      rbnacl (~> 3.4.0)
      rest-client
      websocket-client-simple (>= 0.3.0)
    discordrb-webhooks (3.2.0.1)
      rest-client
    domain_name (0.5.20170404)
      unf (>= 0.0.5, < 1.0.0)
    event_emitter (0.2.6)
    ffi (1.9.18)
    ffi (1.9.18-x64-mingw32)
    ffi (1.9.18-x86-mingw32)
    fuzzy_match (2.1.0)
    http-cookie (1.0.3)
      domain_name (~> 0.5)
    httparty (0.14.0)
      multi_xml (>= 0.5.2)
    mime-types (3.1)
      mime-types-data (~> 3.2015)
    mime-types-data (3.2016.0521)
    multi_xml (0.6.0)
    netrc (0.11.0)
    opus-ruby (1.0.1)
      ffi
    parallel (1.12.1)
    parser (2.4.0.2)
      ast (~> 2.3)
    powerpack (0.1.1)
    rainbow (3.0.0)
    rbnacl (3.4.0)
      ffi
    rest-client (2.0.2)
      http-cookie (>= 1.0.2, < 2.0)
      mime-types (>= 1.16, < 4.0)
      netrc (~> 0.8)
    rest-client (2.0.2-x64-mingw32)
      ffi (~> 1.9)
      http-cookie (>= 1.0.2, < 2.0)
      mime-types (>= 1.16, < 4.0)
      netrc (~> 0.8)
    rest-client (2.0.2-x86-mingw32)
      ffi (~> 1.9)
      http-cookie (>= 1.0.2, < 2.0)
      mime-types (>= 1.16, < 4.0)
      netrc (~> 0.8)
    rubocop (0.52.0)
      parallel (~> 1.10)
      parser (>= 2.4.0.2, < 3.0)
      powerpack (~> 0.1)
      rainbow (>= 2.2.2, < 4.0)
      ruby-progressbar (~> 1.7)
      unicode-display_width (~> 1.0, >= 1.0.1)
    ruby-progressbar (1.9.0)
    unf (0.1.4)
      unf_ext
    unf_ext (0.0.7.4)
    unf_ext (0.0.7.4-x64-mingw32)
    unf_ext (0.0.7.4-x86-mingw32)
    unicode-display_width (1.3.0)
    websocket (1.2.5)
    websocket-client-simple (0.3.0)
      event_emitter
      websocket

PLATFORMS
  ruby
  x64-mingw32
  x86-mingw32

DEPENDENCIES
  battlenet!
  chronic (~> 0.10.2)
  discordrb (~> 3.2.1)
  fuzzy_match (~> 2.1)
  httparty (~> 0.14.0)
  rubocop (~> 0.52.0)

BUNDLED WITH
   1.16.0
